GEM
  remote: https://rubygems.org/
  specs:
    tty-cursor (0.7.1)
    tty-spinner (0.9.3)
      tty-cursor (~> 0.7)

PLATFORMS
  x64-mingw-ucrt

DEPENDENCIES
  tty-cursor
  tty-spinner

BUNDLED WITH
   2.3.25
